PATH
  remote: .
  specs:
    rake-remote_task (0)
      colorize (> 0)

GEM
  remote: http://rubygems.org/
  specs:
    colorize (0.7.3)
    hoe (3.12.0)
      rake (>= 0.8, < 11.0)
    rake (10.3.2)

PLATFORMS
  ruby

DEPENDENCIES
  hoe
  rake
  rake-remote_task!
